PATH
  remote: .
  specs:
    document_file (0.0.8)
      activesupport (~> 3.0.0)

GEM
  remote: http://rubygems.org/
  specs:
    activesupport (3.0.4)

PLATFORMS
  ruby

DEPENDENCIES
  document_file!
