PATH
  remote: .
  specs:
    document_mapper (0.0.9)
      activesupport (~> 3.0.0)

GEM
  remote: http://rubygems.org/
  specs:
    activesupport (3.0.4)

PLATFORMS
  ruby

DEPENDENCIES
  document_mapper!
