PATH
  remote: .
  specs:
    document_file (0.0.7)
      activesupport (~> 3.0.0)

GEM
  remote: http://rubygems.org/
  specs:
    activesupport (3.0.3)

PLATFORMS
  ruby

DEPENDENCIES
  activesupport (~> 3.0.0)
  document_file!
