PATH
  remote: .
  specs:
    document_file (0.0.3)
      activesupport (~> 3.0.0)

GEM
  specs:
    activesupport (3.0.0.rc)

PLATFORMS
  ruby

DEPENDENCIES
  activesupport (~> 3.0.0)
  document_file!
